{
  "PowerLineFrequency": 50,
  "SoftwareFilters": {
    "FilterDescription": {
      "Description": "1 Hz"
    }
  },
  "SoftwareVersions": "Biosemi ActiView",
  "EEGPlacementScheme": "10-20",
  "CapManufacturer": "Biosemi",
  "TaskName": "NB",
  "EEGChannelCount": 64,
  "MiscChannelCount": 11,
  "EEGReference": "common",
  "RecordingType": "continuous",
  "RecordingDuration": 489,
  "SamplingFrequency": 256,
  "EOGChannelCount": 0,
  "ECGChannelCount": 0,
  "EMGChannelCount": 0
}