{
  "PowerLineFrequency": 50,
  "SoftwareFilters": {
    "FilterDescription": {
      "Description": "1 Hz"
    }
  },
  "SoftwareVersions": "Biosemi ActiView",
  "EEGPlacementScheme": "10-20",
  "CapManufacturer": "Biosemi",
  "TaskName": "SART",
  "EEGChannelCount": 64,
  "EEGReference": "common",
  "RecordingType": "continuous",
  "RecordingDuration": 380,
  "SamplingFrequency": 2048,
  "EOGChannelCount": 0,
  "ECGChannelCount": 0,
  "EMGChannelCount": 0
}